PATH
  remote: vendor/ruby-adsb
  specs:
    ruby-adsb (0.2.2)

GEM
  remote: https://rubygems.org/
  specs:
    minitest (5.25.4)

PLATFORMS
  ruby

DEPENDENCIES
  minitest (~> 5.25)
  ruby-adsb!

BUNDLED WITH
   1.17.2
