GIT
  remote: https://github.com/katiekloss/ruby-adsb.git
  revision: 233b42538d7b30fa8b6f89aaca869d8166ee94ae
  branch: main
  specs:
    ruby-adsb (0.2.2)

GEM
  remote: https://rubygems.org/
  specs:

PLATFORMS
  ruby
  x86_64-darwin-24

DEPENDENCIES
  ruby-adsb!

BUNDLED WITH
   2.6.7
